GEM
  remote: https://www.rubygems.org/
  specs:
    byebug (9.0.6)
    coderay (1.1.1)
    method_source (0.8.2)
    minitest (5.8.4)
    pry (0.10.3)
      coderay (~> 1.1.0)
      method_source (~> 0.8.1)
      slop (~> 3.4)
    pry-byebug (3.4.2)
      byebug (~> 9.0)
      pry (~> 0.10)
    rake (12.0.0)
    rb-readline (0.5.5)
    slop (3.6.0)
    yard (0.9.9)

PLATFORMS
  ruby

DEPENDENCIES
  byebug (= 9.0.6)
  minitest (= 5.8.4)
  pry (= 0.10.3)
  pry-byebug (= 3.4.2)
  rake (= 12.0.0)
  rb-readline (= 0.5.5)
  yard (= 0.9.9)

BUNDLED WITH
   1.15.1
